GEM
  remote: https://rubygems.org/
  specs:
<<<<<<< HEAD
<<<<<<< HEAD
=======
>>>>>>> 8beba24b5ee57531eac37f0e07d148267ccf174f
    actionmailer (4.1.6)
      actionpack (= 4.1.6)
      actionview (= 4.1.6)
      mail (~> 2.5, >= 2.5.4)
    actionpack (4.1.6)
      actionview (= 4.1.6)
      activesupport (= 4.1.6)
<<<<<<< HEAD
      rack (~> 1.5.2)
      rack-test (~> 0.6.2)
    actionview (4.1.6)
      activesupport (= 4.1.6)
      builder (~> 3.1)
      erubis (~> 2.7.0)
    activemodel (4.1.6)
      activesupport (= 4.1.6)
      builder (~> 3.1)
    activerecord (4.1.6)
      activemodel (= 4.1.6)
      activesupport (= 4.1.6)
      arel (~> 5.0.0)
    activesupport (4.1.6)
=======
    actionmailer (4.1.5)
      actionpack (= 4.1.5)
      actionview (= 4.1.5)
      mail (~> 2.5.4)
    actionpack (4.1.5)
      actionview (= 4.1.5)
      activesupport (= 4.1.5)
=======
>>>>>>> 8beba24b5ee57531eac37f0e07d148267ccf174f
      rack (~> 1.5.2)
      rack-test (~> 0.6.2)
    actionview (4.1.6)
      activesupport (= 4.1.6)
      builder (~> 3.1)
      erubis (~> 2.7.0)
    activemodel (4.1.6)
      activesupport (= 4.1.6)
      builder (~> 3.1)
    activerecord (4.1.6)
      activemodel (= 4.1.6)
      activesupport (= 4.1.6)
      arel (~> 5.0.0)
<<<<<<< HEAD
    activesupport (4.1.5)
>>>>>>> a2f0fe000caa3a5440e4860c6d3f712e216d99eb
=======
    activesupport (4.1.6)
>>>>>>> 8beba24b5ee57531eac37f0e07d148267ccf174f
      i18n (~> 0.6, >= 0.6.9)
      json (~> 1.7, >= 1.7.7)
      minitest (~> 5.1)
      thread_safe (~> 0.1)
      tzinfo (~> 1.1)
    addressable (2.3.6)
    arel (5.0.1.20140414130214)
<<<<<<< HEAD
<<<<<<< HEAD
=======
>>>>>>> 8beba24b5ee57531eac37f0e07d148267ccf174f
    aws-sdk (1.54.0)
      aws-sdk-v1 (= 1.54.0)
    aws-sdk-v1 (1.54.0)
      json (~> 1.4)
      nokogiri (>= 1.4.4)
<<<<<<< HEAD
=======
>>>>>>> a2f0fe000caa3a5440e4860c6d3f712e216d99eb
=======
>>>>>>> 8beba24b5ee57531eac37f0e07d148267ccf174f
    bcrypt (3.1.7)
    better_errors (2.0.0)
      coderay (>= 1.0.0)
      erubis (>= 2.6.6)
      rack (>= 0.9.0)
    binding_of_caller (0.7.2)
      debug_inspector (>= 0.0.1)
    bootstrap-sass (3.2.0.2)
      sass (~> 3.2)
<<<<<<< HEAD
<<<<<<< HEAD
    bootstrap_form (2.2.0)
    builder (3.2.2)
    cancancan (1.9.2)
    capybara (2.4.3)
=======
    builder (3.2.2)
    capybara (2.4.1)
>>>>>>> a2f0fe000caa3a5440e4860c6d3f712e216d99eb
=======
    bootstrap_form (2.2.0)
    builder (3.2.2)
    cancancan (1.9.2)
    capybara (2.4.3)
>>>>>>> 8beba24b5ee57531eac37f0e07d148267ccf174f
      mime-types (>= 1.16)
      nokogiri (>= 1.3.3)
      rack (>= 1.0.0)
      rack-test (>= 0.5.4)
      xpath (~> 2.0)
<<<<<<< HEAD
<<<<<<< HEAD
    chunky_png (1.3.1)
    climate_control (0.0.3)
      activesupport (>= 3.0)
    cliver (0.3.2)
    cocaine (0.5.4)
      climate_control (>= 0.0.3, < 1.0)
=======
    cliver (0.3.2)
>>>>>>> a2f0fe000caa3a5440e4860c6d3f712e216d99eb
=======
    chunky_png (1.3.1)
    climate_control (0.0.3)
      activesupport (>= 3.0)
    cliver (0.3.2)
    cocaine (0.5.4)
      climate_control (>= 0.0.3, < 1.0)
>>>>>>> 8beba24b5ee57531eac37f0e07d148267ccf174f
    coderay (1.1.0)
    coffee-rails (4.0.1)
      coffee-script (>= 2.2.0)
      railties (>= 4.0.0, < 5.0)
    coffee-script (2.3.0)
      coffee-script-source
      execjs
    coffee-script-source (1.8.0)
<<<<<<< HEAD
<<<<<<< HEAD
=======
>>>>>>> 8beba24b5ee57531eac37f0e07d148267ccf174f
    compass (1.0.1)
      chunky_png (~> 1.2)
      compass-core (~> 1.0.1)
      compass-import-once (~> 1.0.5)
      rb-fsevent (>= 0.9.3)
      rb-inotify (>= 0.9)
      sass (>= 3.3.13, < 3.5)
    compass-core (1.0.1)
      multi_json (~> 1.0)
      sass (>= 3.3.0, < 3.5)
    compass-import-once (1.0.5)
      sass (>= 3.2, < 3.5)
    compass-rails (1.1.7)
      compass (>= 0.12.2)
      sprockets (<= 2.11.0)
<<<<<<< HEAD
=======
>>>>>>> a2f0fe000caa3a5440e4860c6d3f712e216d99eb
=======
>>>>>>> 8beba24b5ee57531eac37f0e07d148267ccf174f
    crack (0.4.2)
      safe_yaml (~> 1.0.0)
    database_cleaner (1.3.0)
    debug_inspector (0.0.2)
<<<<<<< HEAD
<<<<<<< HEAD
    devise (3.4.0)
      bcrypt (~> 3.0)
      orm_adapter (~> 0.1)
      railties (>= 3.2.6, < 5)
      responders
      thread_safe (~> 0.1)
      warden (~> 1.2.3)
    diff-lcs (1.2.5)
    dotenv (1.0.0)
    dotenv-rails (1.0.0)
      dotenv (= 1.0.0)
=======
    devise (3.3.0)
=======
    devise (3.4.0)
>>>>>>> 8beba24b5ee57531eac37f0e07d148267ccf174f
      bcrypt (~> 3.0)
      orm_adapter (~> 0.1)
      railties (>= 3.2.6, < 5)
      responders
      thread_safe (~> 0.1)
      warden (~> 1.2.3)
    diff-lcs (1.2.5)
<<<<<<< HEAD
    dotenv (0.11.1)
      dotenv-deployment (~> 0.0.2)
    dotenv-deployment (0.0.2)
    dotenv-rails (0.11.1)
      dotenv (= 0.11.1)
>>>>>>> a2f0fe000caa3a5440e4860c6d3f712e216d99eb
=======
    dotenv (1.0.0)
    dotenv-rails (1.0.0)
      dotenv (= 1.0.0)
>>>>>>> 8beba24b5ee57531eac37f0e07d148267ccf174f
    erubis (2.7.0)
    execjs (2.2.1)
    factory_girl (4.4.0)
      activesupport (>= 3.0.0)
    factory_girl_rails (4.4.1)
      factory_girl (~> 4.4.0)
      railties (>= 3.0.0)
<<<<<<< HEAD
<<<<<<< HEAD
    ffi (1.9.5)
=======
>>>>>>> a2f0fe000caa3a5440e4860c6d3f712e216d99eb
=======
    ffi (1.9.5)
>>>>>>> 8beba24b5ee57531eac37f0e07d148267ccf174f
    hike (1.2.3)
    i18n (0.6.11)
    jquery-rails (3.1.2)
      railties (>= 3.0, < 5.0)
      thor (>= 0.14, < 2.0)
    json (1.8.1)
    launchy (2.4.2)
      addressable (~> 2.3)
    letter_opener (1.2.0)
      launchy (~> 2.2)
<<<<<<< HEAD
<<<<<<< HEAD
    mail (2.6.1)
      mime-types (>= 1.16, < 3)
    method_source (0.8.2)
    mime-types (2.3)
    mini_portile (0.6.0)
    minitest (5.4.2)
=======
    mail (2.5.4)
      mime-types (~> 1.16)
      treetop (~> 1.4.8)
=======
    mail (2.6.1)
      mime-types (>= 1.16, < 3)
>>>>>>> 8beba24b5ee57531eac37f0e07d148267ccf174f
    method_source (0.8.2)
    mime-types (2.3)
    mini_portile (0.6.0)
<<<<<<< HEAD
    minitest (5.4.1)
>>>>>>> a2f0fe000caa3a5440e4860c6d3f712e216d99eb
=======
    minitest (5.4.2)
>>>>>>> 8beba24b5ee57531eac37f0e07d148267ccf174f
    multi_json (1.10.1)
    netrc (0.7.7)
    nokogiri (1.6.3.1)
      mini_portile (= 0.6.0)
    orm_adapter (0.5.0)
<<<<<<< HEAD
<<<<<<< HEAD
=======
>>>>>>> 8beba24b5ee57531eac37f0e07d148267ccf174f
    paperclip (4.2.0)
      activemodel (>= 3.0.0)
      activesupport (>= 3.0.0)
      cocaine (~> 0.5.3)
      mime-types
<<<<<<< HEAD
=======
>>>>>>> a2f0fe000caa3a5440e4860c6d3f712e216d99eb
=======
>>>>>>> 8beba24b5ee57531eac37f0e07d148267ccf174f
    pg (0.17.1)
    poltergeist (1.5.1)
      capybara (~> 2.1)
      cliver (~> 0.3.1)
      multi_json (~> 1.0)
      websocket-driver (>= 0.2.0)
<<<<<<< HEAD
<<<<<<< HEAD
=======
    polyglot (0.3.5)
>>>>>>> a2f0fe000caa3a5440e4860c6d3f712e216d99eb
=======
>>>>>>> 8beba24b5ee57531eac37f0e07d148267ccf174f
    pry (0.10.1)
      coderay (~> 1.1.0)
      method_source (~> 0.8.1)
      slop (~> 3.4)
    quiet_assets (1.0.3)
      railties (>= 3.1, < 5.0)
    rack (1.5.2)
    rack-test (0.6.2)
      rack (>= 1.0)
<<<<<<< HEAD
<<<<<<< HEAD
=======
>>>>>>> 8beba24b5ee57531eac37f0e07d148267ccf174f
    rails (4.1.6)
      actionmailer (= 4.1.6)
      actionpack (= 4.1.6)
      actionview (= 4.1.6)
      activemodel (= 4.1.6)
      activerecord (= 4.1.6)
      activesupport (= 4.1.6)
<<<<<<< HEAD
      bundler (>= 1.3.0, < 2.0)
      railties (= 4.1.6)
=======
    rails (4.1.5)
      actionmailer (= 4.1.5)
      actionpack (= 4.1.5)
      actionview (= 4.1.5)
      activemodel (= 4.1.5)
      activerecord (= 4.1.5)
      activesupport (= 4.1.5)
      bundler (>= 1.3.0, < 2.0)
      railties (= 4.1.5)
>>>>>>> a2f0fe000caa3a5440e4860c6d3f712e216d99eb
=======
      bundler (>= 1.3.0, < 2.0)
      railties (= 4.1.6)
>>>>>>> 8beba24b5ee57531eac37f0e07d148267ccf174f
      sprockets-rails (~> 2.0)
    rails_12factor (0.0.2)
      rails_serve_static_assets
      rails_stdout_logging
    rails_serve_static_assets (0.0.2)
    rails_stdout_logging (0.0.3)
<<<<<<< HEAD
<<<<<<< HEAD
    railties (4.1.6)
      actionpack (= 4.1.6)
      activesupport (= 4.1.6)
      rake (>= 0.8.7)
      thor (>= 0.18.1, < 2.0)
    rake (10.3.2)
    rb-fsevent (0.9.4)
    rb-inotify (0.9.5)
      ffi (>= 0.5.0)
    rb-readline (0.5.1)
    remotipart (1.2.1)
    responders (1.1.1)
      railties (>= 3.2, < 4.2)
    rest-client (1.7.2)
      mime-types (>= 1.16, < 3.0)
      netrc (~> 0.7)
    rspec-core (3.1.5)
      rspec-support (~> 3.1.0)
    rspec-expectations (3.1.2)
      diff-lcs (>= 1.2.0, < 2.0)
      rspec-support (~> 3.1.0)
    rspec-mocks (3.1.2)
=======
    railties (4.1.5)
      actionpack (= 4.1.5)
      activesupport (= 4.1.5)
=======
    railties (4.1.6)
      actionpack (= 4.1.6)
      activesupport (= 4.1.6)
>>>>>>> 8beba24b5ee57531eac37f0e07d148267ccf174f
      rake (>= 0.8.7)
      thor (>= 0.18.1, < 2.0)
    rake (10.3.2)
    rb-fsevent (0.9.4)
    rb-inotify (0.9.5)
      ffi (>= 0.5.0)
    rb-readline (0.5.1)
    remotipart (1.2.1)
    responders (1.1.1)
      railties (>= 3.2, < 4.2)
    rest-client (1.7.2)
      mime-types (>= 1.16, < 3.0)
      netrc (~> 0.7)
    rspec-core (3.1.5)
      rspec-support (~> 3.1.0)
    rspec-expectations (3.1.2)
      diff-lcs (>= 1.2.0, < 2.0)
      rspec-support (~> 3.1.0)
<<<<<<< HEAD
    rspec-mocks (3.1.0)
>>>>>>> a2f0fe000caa3a5440e4860c6d3f712e216d99eb
=======
    rspec-mocks (3.1.2)
>>>>>>> 8beba24b5ee57531eac37f0e07d148267ccf174f
      rspec-support (~> 3.1.0)
    rspec-rails (3.1.0)
      actionpack (>= 3.0)
      activesupport (>= 3.0)
      railties (>= 3.0)
      rspec-core (~> 3.1.0)
      rspec-expectations (~> 3.1.0)
      rspec-mocks (~> 3.1.0)
      rspec-support (~> 3.1.0)
<<<<<<< HEAD
<<<<<<< HEAD
=======
>>>>>>> 8beba24b5ee57531eac37f0e07d148267ccf174f
    rspec-support (3.1.1)
    safe_yaml (1.0.4)
    sass (3.4.5)
    sass-rails (4.0.1)
<<<<<<< HEAD
      railties (>= 4.0.0, < 5.0)
      sass (>= 3.1.10)
      sprockets-rails (~> 2.0.0)
=======
    rspec-support (3.1.0)
    safe_yaml (1.0.3)
    sass (3.2.19)
    sass-rails (4.0.3)
      railties (>= 4.0.0, < 5.0)
      sass (~> 3.2.0)
      sprockets (~> 2.8, <= 2.11.0)
      sprockets-rails (~> 2.0)
>>>>>>> a2f0fe000caa3a5440e4860c6d3f712e216d99eb
=======
      railties (>= 4.0.0, < 5.0)
      sass (>= 3.1.10)
      sprockets-rails (~> 2.0.0)
>>>>>>> 8beba24b5ee57531eac37f0e07d148267ccf174f
    shoulda-matchers (2.7.0)
      activesupport (>= 3.0.0)
    slop (3.6.0)
    sprockets (2.11.0)
      hike (~> 1.2)
      multi_json (~> 1.0)
      rack (~> 1.0)
      tilt (~> 1.1, != 1.3.0)
<<<<<<< HEAD
<<<<<<< HEAD
    sprockets-rails (2.0.1)
=======
    sprockets-rails (2.1.4)
>>>>>>> a2f0fe000caa3a5440e4860c6d3f712e216d99eb
=======
    sprockets-rails (2.0.1)
>>>>>>> 8beba24b5ee57531eac37f0e07d148267ccf174f
      actionpack (>= 3.0)
      activesupport (>= 3.0)
      sprockets (~> 2.8)
    stripe (1.15.0)
      json (~> 1.8.1)
      mime-types (>= 1.25, < 3.0)
      rest-client (~> 1.4)
    thor (0.19.1)
    thread_safe (0.3.4)
    tilt (1.4.1)
<<<<<<< HEAD
<<<<<<< HEAD
    turbolinks (2.4.0)
=======
    treetop (1.4.15)
      polyglot
      polyglot (>= 0.3.1)
    turbolinks (2.3.0)
>>>>>>> a2f0fe000caa3a5440e4860c6d3f712e216d99eb
=======
    turbolinks (2.4.0)
>>>>>>> 8beba24b5ee57531eac37f0e07d148267ccf174f
      coffee-rails
    tzinfo (1.2.2)
      thread_safe (~> 0.1)
    uglifier (2.5.3)
      execjs (>= 0.3.0)
      json (>= 1.8.0)
    vcr (2.9.3)
    warden (1.2.3)
      rack (>= 1.0)
<<<<<<< HEAD
<<<<<<< HEAD
    webmock (1.19.0)
=======
    webmock (1.18.0)
>>>>>>> a2f0fe000caa3a5440e4860c6d3f712e216d99eb
=======
    webmock (1.19.0)
>>>>>>> 8beba24b5ee57531eac37f0e07d148267ccf174f
      addressable (>= 2.3.6)
      crack (>= 0.3.2)
    websocket-driver (0.3.4)
    xpath (2.0.0)
      nokogiri (~> 1.3)

PLATFORMS
  ruby

DEPENDENCIES
<<<<<<< HEAD
<<<<<<< HEAD
  aws-sdk
=======
>>>>>>> a2f0fe000caa3a5440e4860c6d3f712e216d99eb
=======
  aws-sdk
>>>>>>> 8beba24b5ee57531eac37f0e07d148267ccf174f
  bcrypt
  better_errors
  binding_of_caller
  bootstrap-sass
<<<<<<< HEAD
<<<<<<< HEAD
  bootstrap_form
  cancancan (~> 1.9)
  capybara
  coffee-rails
  compass-rails (~> 1.1.7)
=======
  capybara
  coffee-rails
>>>>>>> a2f0fe000caa3a5440e4860c6d3f712e216d99eb
=======
  bootstrap_form
  cancancan (~> 1.9)
  capybara
  coffee-rails
  compass-rails (~> 1.1.7)
>>>>>>> 8beba24b5ee57531eac37f0e07d148267ccf174f
  database_cleaner
  devise
  dotenv-rails
  factory_girl_rails
  jquery-rails
  launchy
  letter_opener
<<<<<<< HEAD
<<<<<<< HEAD
  paperclip (~> 4.2)
=======
>>>>>>> a2f0fe000caa3a5440e4860c6d3f712e216d99eb
=======
  paperclip (~> 4.2)
>>>>>>> 8beba24b5ee57531eac37f0e07d148267ccf174f
  pg
  poltergeist
  pry
  quiet_assets
  rails
  rails_12factor
  rb-readline
<<<<<<< HEAD
<<<<<<< HEAD
  remotipart (~> 1.2)
=======
>>>>>>> a2f0fe000caa3a5440e4860c6d3f712e216d99eb
=======
  remotipart (~> 1.2)
>>>>>>> 8beba24b5ee57531eac37f0e07d148267ccf174f
  rest-client
  rspec-rails
  sass-rails
  shoulda-matchers
<<<<<<< HEAD
<<<<<<< HEAD
  sprockets (~> 2.11.0)
=======
  sprockets
>>>>>>> a2f0fe000caa3a5440e4860c6d3f712e216d99eb
=======
  sprockets (~> 2.11.0)
>>>>>>> 8beba24b5ee57531eac37f0e07d148267ccf174f
  stripe
  turbolinks
  uglifier
  vcr
  webmock
